PATH
  remote: .
  specs:
    miniflowrb (0.0.1)
      daru

GEM
  remote: https://rubygems.org/
  specs:
    backports (3.8.0)
    daru (0.1.6)
      backports
    diff-lcs (1.3)
    rake (10.5.0)
    rspec (3.6.0)
      rspec-core (~> 3.6.0)
      rspec-expectations (~> 3.6.0)
      rspec-mocks (~> 3.6.0)
    rspec-core (3.6.0)
      rspec-support (~> 3.6.0)
    rspec-expectations (3.6.0)
      diff-lcs (>= 1.2.0, < 2.0)
      rspec-support (~> 3.6.0)
    rspec-mocks (3.6.0)
      diff-lcs (>= 1.2.0, < 2.0)
      rspec-support (~> 3.6.0)
    rspec-support (3.6.0)

PLATFORMS
  ruby

DEPENDENCIES
  bundler (~> 1.15)
  miniflowrb!
  rake (~> 10.0)
  rspec (~> 3.0)

BUNDLED WITH
   1.15.4
